GEM
  remote: https://rubygems.org/
  specs:
    colorize (0.8.1)
    dotenv (2.8.1)
    faraday (1.10.3)
      faraday-em_http (~> 1.0)
      faraday-em_synchrony (~> 1.0)
      faraday-excon (~> 1.1)
      faraday-httpclient (~> 1.0)
      faraday-multipart (~> 1.0)
      faraday-net_http (~> 1.0)
      faraday-net_http_persistent (~> 1.0)
      faraday-patron (~> 1.0)
      faraday-rack (~> 1.0)
      faraday-retry (~> 1.0)
      ruby2_keywords (>= 0.0.4)
    faraday-em_http (1.0.0)
    faraday-em_synchrony (1.0.0)
    faraday-excon (1.1.0)
    faraday-httpclient (1.0.1)
    faraday-multipart (1.0.4)
      multipart-post (~> 2)
    faraday-net_http (1.0.1)
    faraday-net_http_persistent (1.2.0)
    faraday-patron (1.0.0)
    faraday-rack (1.0.0)
    faraday-retry (1.0.3)
    httparty (0.21.0)
      mini_mime (>= 1.0.0)
      multi_xml (>= 0.5.2)
    mini_mime (1.1.2)
    multi_xml (0.6.0)
    multipart-post (2.3.0)
    mustermann (3.0.0)
      ruby2_keywords (~> 0.0.1)
    mx-platform-ruby (0.17.0)
      faraday (~> 1.0, >= 1.0.1)
    rack (2.2.7)
    rack-protection (3.0.6)
      rack
    rspec-core (3.12.2)
      rspec-support (~> 3.12.0)
    rspec-support (3.12.0)
    ruby2_keywords (0.0.5)
    sinatra (3.0.6)
      mustermann (~> 3.0)
      rack (~> 2.2, >= 2.2.4)
      rack-protection (= 3.0.6)
      tilt (~> 2.0)
    sinatra-cross_origin (0.3.2)
    tilt (2.1.0)

PLATFORMS
  x86_64-darwin-20

DEPENDENCIES
  colorize (~> 0.8.1)
  dotenv (~> 2.7)
  httparty (~> 0.21.0)
  mx-platform-ruby
  rack (>= 2.2.6.4)
  rspec-core
  sinatra (>= 2.2.3)
  sinatra-cross_origin (~> 0.3.1)

BUNDLED WITH
   2.3.6
